GEM
  remote: http://rubygems.org/
  specs:
    addressable (2.2.7)
    childprocess (0.3.2)
      ffi (~> 1.0.6)
    choice (0.1.6)
    ffi (1.0.11)
    git (1.2.5)
    jeweler (1.8.3)
      bundler (~> 1.0)
      git (>= 1.2.5)
      rake
      rdoc
    json (1.6.6)
    libwebsocket (0.1.3)
      addressable
    multi_json (1.3.2)
    rake (0.9.2.2)
    rdoc (3.12)
      json (~> 1.4)
    rubyzip (0.9.8)
    selenium-webdriver (2.21.2)
      childprocess (>= 0.2.5)
      ffi (~> 1.0)
      libwebsocket (~> 0.1.3)
      multi_json (~> 1.0)
      rubyzip
    shoulda (3.0.1)
      shoulda-context (~> 1.0.0)
      shoulda-matchers (~> 1.0.0)
    shoulda-context (1.0.0)
    shoulda-matchers (1.0.0)
    spinning_cursor (0.1.2)

PLATFORMS
  ruby

DEPENDENCIES
  bundler (~> 1.1.0)
  choice (~> 0.1.6)
  jeweler (~> 1.8.3)
  rdoc (~> 3.12)
  selenium-webdriver (~> 2.21.2)
  shoulda (~> 3.0.0)
  spinning_cursor (~> 0.1.2)
